GEM
  specs:
    dotenv (2.8.1)

PLATFORMS
  x86_64-darwin-17

DEPENDENCIES
  dotenv

BUNDLED WITH
   2.4.5
